PATH
  remote: .
  specs:
    sidekiq-global_id (0.1.0)
      globalid
      sidekiq

GEM
  remote: https://rubygems.org/
  specs:
    activesupport (6.1.4.1)
      concurrent-ruby (~> 1.0, >= 1.0.2)
      i18n (>= 1.6, < 2)
      minitest (>= 5.1)
      tzinfo (~> 2.0)
      zeitwerk (~> 2.3)
    ast (2.4.2)
    coderay (1.1.3)
    concurrent-ruby (1.1.9)
    connection_pool (2.2.5)
    docile (1.4.0)
    ffi (1.15.4-java)
    globalid (0.5.2)
      activesupport (>= 5.0)
    i18n (1.8.10)
      concurrent-ruby (~> 1.0)
    inch (0.8.0)
      pry
      sparkr (>= 0.2.0)
      term-ansicolor
      yard (~> 0.9.12)
    method_source (1.0.0)
    minitest (5.14.4)
    parallel (1.21.0)
    parser (3.0.2.0)
      ast (~> 2.4.1)
    pry (0.14.1)
      coderay (~> 1.1)
      method_source (~> 1.0)
    pry (0.14.1-java)
      coderay (~> 1.1)
      method_source (~> 1.0)
      spoon (~> 0.0)
    rack (2.2.3)
    rainbow (3.0.0)
    rake (13.0.6)
    redis (4.5.0)
    regexp_parser (2.1.1)
    rexml (3.2.5)
    rubocop (1.22.1)
      parallel (~> 1.10)
      parser (>= 3.0.0.0)
      rainbow (>= 2.2.2, < 4.0)
      regexp_parser (>= 1.8, < 3.0)
      rexml
      rubocop-ast (>= 1.12.0, < 2.0)
      ruby-progressbar (~> 1.7)
      unicode-display_width (>= 1.4.0, < 3.0)
    rubocop-ast (1.12.0)
      parser (>= 3.0.1.1)
    rubocop-minitest (0.15.2)
      rubocop (>= 0.90, < 2.0)
    rubocop-rake (0.6.0)
      rubocop (~> 1.0)
    ruby-progressbar (1.11.0)
    sidekiq (6.2.2)
      connection_pool (>= 2.2.2)
      rack (~> 2.0)
      redis (>= 4.2.0)
    simplecov (0.21.2)
      docile (~> 1.1)
      simplecov-html (~> 0.11)
      simplecov_json_formatter (~> 0.1)
    simplecov-html (0.12.3)
    simplecov_json_formatter (0.1.3)
    sparkr (0.4.1)
    spoon (0.0.6)
      ffi
    sync (0.5.0)
    term-ansicolor (1.7.1)
      tins (~> 1.0)
    tins (1.29.1)
      sync
    tzinfo (2.0.4)
      concurrent-ruby (~> 1.0)
    unicode-display_width (2.1.0)
    yard (0.9.26)
    yard-doctest (0.1.17)
      minitest
      yard
    yardstick (0.9.9)
      yard (~> 0.8, >= 0.8.7.2)
    zeitwerk (2.4.2)

PLATFORMS
  universal-java-1.8
  universal-java-11
  universal-java-16
  x86_64-linux

DEPENDENCIES
  inch (~> 0.8.0)
  minitest (~> 5.0)
  pry
  rake (~> 13.0)
  rubocop (~> 1.7)
  rubocop-minitest (~> 0.15.2)
  rubocop-rake (~> 0.6.0)
  sidekiq-global_id!
  simplecov (~> 0.21)
  yard (~> 0.9)
  yard-doctest (~> 0.1)
  yardstick (~> 0.9)

BUNDLED WITH
   2.2.28
